GEM
  remote: http://rubygems.org/
  specs:
    actionmailer (3.2.1)
      actionpack (= 3.2.1)
      mail (~> 2.4.0)
    actionpack (3.2.1)
      activemodel (= 3.2.1)
      activesupport (= 3.2.1)
      builder (~> 3.0.0)
      erubis (~> 2.7.0)
      journey (~> 1.0.1)
      rack (~> 1.4.0)
      rack-cache (~> 1.1)
      rack-test (~> 0.6.1)
      sprockets (~> 2.1.2)
    activemodel (3.2.1)
      activesupport (= 3.2.1)
      builder (~> 3.0.0)
    activerecord (3.2.1)
      activemodel (= 3.2.1)
      activesupport (= 3.2.1)
      arel (~> 3.0.0)
      tzinfo (~> 0.3.29)
    activeresource (3.2.1)
      activemodel (= 3.2.1)
      activesupport (= 3.2.1)
    activesupport (3.2.1)
      i18n (~> 0.6)
      multi_json (~> 1.0)
    annotate (2.4.0)
    ansi (1.4.2)
    arel (3.0.2)
    authlogic (3.1.0)
      activerecord (>= 3.0.7)
      activerecord (>= 3.0.7)
    builder (3.0.0)
    bullet (2.2.1)
      uniform_notifier (~> 1.0.0)
    capistrano (2.11.2)
      highline
      net-scp (>= 1.0.0)
      net-sftp (>= 2.0.0)
      net-ssh (>= 2.0.14)
      net-ssh-gateway (>= 1.1.0)
    childprocess (0.3.1)
      ffi (~> 1.0.6)
    cocaine (0.2.1)
    coffee-rails (3.2.2)
      coffee-script (>= 2.2.0)
      railties (~> 3.2.0)
    coffee-script (2.2.0)
      coffee-script-source
      execjs
    coffee-script-source (1.2.0)
    daemons (1.1.8)
    diff-lcs (1.1.3)
    erubis (2.7.0)
    eventmachine (0.12.10)
    exception_notification (2.5.2)
      actionmailer (>= 3.0.4)
    execjs (1.3.0)
      multi_json (~> 1.0)
    ffi (1.0.11)
    highline (1.6.11)
    hike (1.2.1)
    httparty (0.8.1)
      multi_json
      multi_xml
    i18n (0.6.0)
    jasmine (1.1.2)
      jasmine-core (>= 1.1.0)
      rack (>= 1.1)
      rspec (>= 1.3.1)
      selenium-webdriver (>= 0.1.3)
    jasmine-core (1.1.0)
    journey (1.0.3)
    json (1.6.5)
    mail (2.4.4)
      i18n (>= 0.4.0)
      mime-types (~> 1.16)
      treetop (~> 1.4.8)
    mime-types (1.18)
    multi_json (1.1.0)
    multi_xml (0.4.2)
    mysql2 (0.3.11)
    net-scp (1.0.4)
      net-ssh (>= 1.99.1)
    net-sftp (2.0.5)
      net-ssh (>= 2.0.9)
    net-ssh (2.3.0)
    net-ssh-gateway (1.1.0)
      net-ssh (>= 1.99.1)
    nokogiri (1.5.0)
    paperclip (2.7.0)
      activerecord (>= 2.3.0)
      activesupport (>= 2.3.2)
      cocaine (>= 0.0.2)
      mime-types
    polyglot (0.3.3)
    rack (1.4.1)
    rack-cache (1.2)
      rack (>= 0.4)
    rack-ssl (1.3.2)
      rack
    rack-test (0.6.1)
      rack (>= 1.0)
    rails (3.2.1)
      actionmailer (= 3.2.1)
      actionpack (= 3.2.1)
      activerecord (= 3.2.1)
      activeresource (= 3.2.1)
      activesupport (= 3.2.1)
      bundler (~> 1.0)
      railties (= 3.2.1)
    rails3-generators (0.17.4)
      railties (>= 3.0.0)
    railties (3.2.1)
      actionpack (= 3.2.1)
      activesupport (= 3.2.1)
      rack-ssl (~> 1.3.2)
      rake (>= 0.8.7)
      rdoc (~> 3.4)
      thor (~> 0.14.6)
    rake (0.9.2.2)
    rdoc (3.12)
      json (~> 1.4)
    rest-client (1.6.7)
      mime-types (>= 1.16)
    rspec (2.9.0)
      rspec-core (~> 2.9.0)
      rspec-expectations (~> 2.9.0)
      rspec-mocks (~> 2.9.0)
    rspec-core (2.9.0)
    rspec-expectations (2.9.0)
      diff-lcs (~> 1.1.3)
    rspec-mocks (2.9.0)
    rspec-rails (2.9.0)
      actionpack (>= 3.0)
      activesupport (>= 3.0)
      railties (>= 3.0)
      rspec (~> 2.9.0)
    ruby-growl (3.0)
    rubyzip (0.9.6.1)
    sass (3.1.15)
    sass-rails (3.2.5)
      railties (~> 3.2.0)
      sass (>= 3.1.10)
      tilt (~> 1.3)
    selenium-webdriver (2.20.0)
      childprocess (>= 0.2.5)
      ffi (~> 1.0)
      multi_json (~> 1.0)
      rubyzip
    sprockets (2.1.2)
      hike (~> 1.2)
      rack (~> 1.0)
      tilt (~> 1.1, != 1.3.0)
    stripe (1.6.3)
      rest-client (~> 1.4)
    thin (1.3.1)
      daemons (>= 1.0.9)
      eventmachine (>= 0.12.6)
      rack (>= 1.0.0)
    thor (0.14.6)
    tilt (1.3.3)
    treetop (1.4.10)
      polyglot
      polyglot (>= 0.3.1)
    trollop (1.16.2)
    turn (0.8.3)
      ansi
    tzinfo (0.3.32)
    uglifier (1.2.3)
      execjs (>= 0.3.0)
      multi_json (>= 1.0.2)
    uniform_notifier (1.0.2)
    xmpp4r (0.5)
    zencoder-fetcher (0.2.7)
      activesupport
      httparty
      i18n
      json
      trollop

PLATFORMS
  ruby

DEPENDENCIES
  annotate
  authlogic
  bullet
  capistrano
  coffee-rails (~> 3.2.1)
  exception_notification
  jasmine
  json
  mysql2
  nokogiri (= 1.5.0)
  paperclip
  rails (= 3.2.1)
  rails3-generators
  rspec-rails
  ruby-growl
  sass-rails (~> 3.2.3)
  stripe
  thin
  turn (~> 0.8.3)
  uglifier (>= 1.0.3)
  xmpp4r
  zencoder-fetcher
